GEM
  remote: https://rubygems.org/
  specs:
    addressable (2.8.6)
      public_suffix (>= 2.0.2, < 6.0)
    bigdecimal (3.1.8)
    crack (1.0.0)
      bigdecimal
      rexml
    faraday (2.12.0)
      faraday-net_http (>= 2.0, < 3.4)
      json
      logger
    faraday-net_http (3.3.0)
      net-http
    hashdiff (1.1.0)
    json (2.8.1)
    logger (1.6.1)
    minitest (5.25.1)
    minitest-stub_any_instance (1.0.3)
    net-http (0.5.0)
      uri
    public_suffix (5.0.5)
    rexml (3.2.8)
      strscan (>= 3.0.9)
    strscan (3.1.0)
    uri (1.0.1)
    webmock (3.23.1)
      addressable (>= 2.8.0)
      crack (>= 0.3.2)
      hashdiff (>= 0.4.0, < 2.0.0)

PLATFORMS
  ruby

DEPENDENCIES
  faraday
  minitest
  minitest-stub_any_instance
  webmock

BUNDLED WITH
   2.1.4
