GEM
  remote: https://rubygems.org/
  specs:
    addressable (2.8.6)
      public_suffix (>= 2.0.2, < 6.0)
    bigdecimal (3.1.8)
    crack (1.0.0)
      bigdecimal
      rexml
    faraday (2.9.0)
      faraday-net_http (>= 2.0, < 3.2)
    faraday-net_http (3.1.0)
      net-http
    hashdiff (1.1.0)
    minitest (5.24.1)
    minitest-stub_any_instance (1.0.3)
    net-http (0.4.1)
      uri
    public_suffix (5.0.5)
    rexml (3.2.8)
      strscan (>= 3.0.9)
    strscan (3.1.0)
    uri (0.13.0)
    webmock (3.23.1)
      addressable (>= 2.8.0)
      crack (>= 0.3.2)
      hashdiff (>= 0.4.0, < 2.0.0)

PLATFORMS
  ruby

DEPENDENCIES
  faraday
  minitest
  minitest-stub_any_instance
  webmock

BUNDLED WITH
   2.1.4
